GEM
  remote: https://rubygems.org/
  specs:
    bigdecimal (3.2.2)
    brakeman (7.1.0)
      racc
    diff-lcs (1.6.2)
    racc (1.8.1)
    rspec (3.13.1)
      rspec-core (~> 3.13.0)
      rspec-expectations (~> 3.13.0)
      rspec-mocks (~> 3.13.0)
    rspec-core (3.13.5)
      rspec-support (~> 3.13.0)
    rspec-expectations (3.13.5)
      diff-lcs (>= 1.2.0, < 2.0)
      rspec-support (~> 3.13.0)
    rspec-mocks (3.13.5)
      diff-lcs (>= 1.2.0, < 2.0)
      rspec-support (~> 3.13.0)
    rspec-support (3.13.4)

PLATFORMS
  ruby
  x86_64-linux

DEPENDENCIES
  bigdecimal (~> 3.2)
  brakeman
  rspec (~> 3.13)

BUNDLED WITH
   2.6.7
